GEM
  remote: http://rubygems.org/
  specs:
    git (1.2.5)
    jeweler (1.8.4)
      bundler (~> 1.0)
      git (>= 1.2.5)
      rake
      rdoc
    json (1.7.7-java)
    rake (10.0.2)
    rdoc (4.0.0)
      json (~> 1.4)
    zip (2.0.2)

PLATFORMS
  java

DEPENDENCIES
  jeweler
  rdoc
  zip
